GEM
  remote: http://rubygems.org/
  specs:
    abstract (1.0.0)
    fluent-query (0.9.1)
      abstract (>= 1.0.0)
      hash-utils (>= 0.18.0)
      hashie (>= 1.0.0)
    git (1.2.5)
    hash-utils (0.18.0)
    hashie (1.0.0)
    jeweler (1.6.3)
      bundler (~> 1.0)
      git (>= 1.2.5)
      rake
    lookup-hash (0.2.0)
      hash-utils (>= 0.11.0)
    rake (0.9.2)

PLATFORMS
  ruby

DEPENDENCIES
  bundler (~> 1.0.13)
  fluent-query (>= 0.9.0)
  hash-utils (>= 0.18.0)
  jeweler (~> 1.6.0)
  lookup-hash (>= 0.2.0)
