GEM
  remote: http://rubygems.org/
  specs:
    abstract (1.0.0)
    fluent-query (0.9.1)
      abstract (>= 1.0.0)
      hash-utils (>= 0.18.0)
      hashie (>= 1.0.0)
    git (1.2.5)
    hash-utils (1.0.0)
      ruby-version
    hashie (1.2.0)
    jeweler2 (2.0.9)
      git (>= 1.2.5)
    ruby-version (0.3.1)

PLATFORMS
  ruby

DEPENDENCIES
  bundler (>= 1.0.13)
  fluent-query (>= 0.9.1)
  hash-utils (>= 0.18.0)
  jeweler2 (>= 2.0.0)
