GEM
  remote: http://rubygems.org/
  specs:
    abstract (1.0.0)
    fluent-query (0.1.0)
      abstract (>= 1.0.0)
      hash-utils (>= 0.15.0)
      hashie (>= 1.0.0)
    git (1.2.5)
    hash-utils (0.15.0)
    hashie (1.0.0)
    jeweler (1.6.2)
      bundler (~> 1.0)
      git (>= 1.2.5)
      rake
    rake (0.9.1)

PLATFORMS
  ruby

DEPENDENCIES
  bundler (~> 1.0.13)
  fluent-query (>= 0.1.0)
  jeweler (~> 1.6.0)
